GEM
  remote: https://rubygems.org/
  specs:
    holiday_japan (1.4.3)
    minitest (5.14.0)

PLATFORMS
  ruby

DEPENDENCIES
  holiday_japan
  minitest

BUNDLED WITH
   2.1.4
