GEM
  remote: https://rubygems.org/
  specs:
    holiday_japan (1.4.3)
    minitest (5.11.3)

PLATFORMS
  ruby

DEPENDENCIES
  holiday_japan
  minitest

BUNDLED WITH
   1.17.3
